GEM
  remote: https://rubygems.org/
  specs:
    ast (2.4.2)
    backport (0.3.0)
    htmlentities (4.3.4)
    jaro_winkler (1.4.0)
    kramdown (1.17.0)
    mini_portile2 (2.4.0)
    nokogiri (1.9.1)
      mini_portile2 (~> 2.4.0)
    parallel (1.13.0)
    parser (2.7.2.0)
      ast (~> 2.4.1)
    powerpack (0.1.3)
    rainbow (3.0.0)
    reverse_markdown (1.4.0)
      nokogiri
    rubocop (0.57.0)
      jaro_winkler (~> 1.4.0)
      parallel (~> 1.10)
      parser (>= 2.5)
      powerpack (~> 0.1)
      rainbow (>= 2.2.2, < 4.0)
      ruby-progressbar (~> 1.7)
      unicode-display_width (~> 1.0, >= 1.0.1)
    ruby-progressbar (1.11.0)
    solargraph (0.30.2)
      backport (~> 0.2)
      htmlentities (~> 4.3, >= 4.3.4)
      kramdown (~> 1.16)
      parser (~> 2.3)
      reverse_markdown (~> 1.0, >= 1.0.5)
      rubocop (~> 0.52)
      thor (~> 0.19, >= 0.19.4)
      tilt (~> 2.0)
      yard (~> 0.9)
    thor (0.20.3)
    tilt (2.0.10)
    unicode-display_width (1.8.0)
    yard (0.9.26)

PLATFORMS
  ruby

DEPENDENCIES
  nokogiri (= 1.9.1)
  parallel (= 1.13.0)
  rubocop (= 0.57)
  solargraph
  yard

RUBY VERSION
   ruby 2.1.4p265

BUNDLED WITH
   1.17.3
