GEM
  remote: https://rubygems.org/
  specs:
    activesupport (7.0.4.2)
      concurrent-ruby (~> 1.0, >= 1.0.2)
      i18n (>= 1.6, < 2)
      minitest (>= 5.1)
      tzinfo (~> 2.0)
    ast (2.4.2)
    backport (1.2.0)
    benchmark (0.2.1)
    concurrent-ruby (1.2.2)
    debug (1.7.1)
      irb (>= 1.5.0)
      reline (>= 0.3.1)
    diff-lcs (1.5.0)
    e2mmap (0.1.0)
    haml (6.1.1)
      temple (>= 0.8.2)
      thor
      tilt
    haml_lint (0.45.0)
      haml (>= 4.0, < 6.2)
      parallel (~> 1.10)
      rainbow
      rubocop (>= 0.50.0)
      sysexits (~> 1.1)
    i18n (1.12.0)
      concurrent-ruby (~> 1.0)
    io-console (0.6.0)
    irb (1.6.2)
      reline (>= 0.3.0)
    jaro_winkler (1.5.4)
    json (2.6.3)
    kramdown (2.4.0)
      rexml
    kramdown-parser-gfm (1.1.0)
      kramdown (~> 2.0)
    language_server-protocol (3.17.0.3)
    minitest (5.17.0)
    nokogiri (1.14.2-x86_64-darwin)
      racc (~> 1.4)
    parallel (1.22.1)
    parser (3.2.1.0)
      ast (~> 2.4.1)
    racc (1.6.2)
    rack (3.0.4.1)
    rainbow (3.1.1)
    regexp_parser (2.7.0)
    reline (0.3.2)
      io-console (~> 0.5)
    reverse_markdown (2.1.1)
      nokogiri
    rexml (3.2.5)
    rubocop (1.44.1)
      json (~> 2.3)
      parallel (~> 1.10)
      parser (>= 3.2.0.0)
      rainbow (>= 2.2.2, < 4.0)
      regexp_parser (>= 1.8, < 3.0)
      rexml (>= 3.2.5, < 4.0)
      rubocop-ast (>= 1.24.1, < 2.0)
      ruby-progressbar (~> 1.7)
      unicode-display_width (>= 2.4.0, < 3.0)
    rubocop-ast (1.27.0)
      parser (>= 3.2.1.0)
    rubocop-capybara (2.17.1)
      rubocop (~> 1.41)
    rubocop-performance (1.15.2)
      rubocop (>= 1.7.0, < 2.0)
      rubocop-ast (>= 0.4.0)
    rubocop-rails (2.18.0)
      activesupport (>= 4.2.0)
      rack (>= 1.1)
      rubocop (>= 1.33.0, < 2.0)
    rubocop-rake (0.6.0)
      rubocop (~> 1.0)
    rubocop-rspec (2.18.1)
      rubocop (~> 1.33)
      rubocop-capybara (~> 2.17)
    ruby-progressbar (1.11.0)
    solargraph (0.48.0)
      backport (~> 1.2)
      benchmark
      bundler (>= 1.17.2)
      diff-lcs (~> 1.4)
      e2mmap
      jaro_winkler (~> 1.5)
      kramdown (~> 2.3)
      kramdown-parser-gfm (~> 1.1)
      parser (~> 3.0)
      reverse_markdown (>= 1.0.5, < 3)
      rubocop (>= 0.52)
      thor (~> 1.0)
      tilt (~> 2.0)
      yard (~> 0.9, >= 0.9.24)
    standard (1.24.3)
      language_server-protocol (~> 3.17.0.2)
      rubocop (= 1.44.1)
      rubocop-performance (= 1.15.2)
    sysexits (1.2.0)
    temple (0.10.0)
    thor (1.2.1)
    tilt (2.1.0)
    tzinfo (2.0.6)
      concurrent-ruby (~> 1.0)
    unicode-display_width (2.4.2)
    webrick (1.7.0)
    yard (0.9.28)
      webrick (~> 1.7.0)

PLATFORMS
  x86_64-darwin-20

DEPENDENCIES
  debug
  haml_lint
  rubocop
  rubocop-performance
  rubocop-rails
  rubocop-rake
  rubocop-rspec
  solargraph
  standard
  yard

RUBY VERSION
   ruby 2.7.5p203

BUNDLED WITH
   2.4.7
